GEM
  remote: https://rubygems.org/
  specs:
    byebug (11.0.1)
    date (3.3.3)
    httparty (0.21.0)
      mini_mime (>= 1.0.0)
      multi_xml (>= 0.5.2)
    mini_mime (1.1.2)
    mini_portile2 (2.4.0)
    multi_xml (0.6.0)
    nokogiri (1.10.7)
      mini_portile2 (~> 2.4.0)
    open-uri (0.3.0)
      stringio
      time
      uri
    stringio (3.0.4)
    time (0.2.1)
      date
    uri (0.12.0)

PLATFORMS
  ruby

DEPENDENCIES
  byebug
  httparty
  nokogiri
  open-uri

BUNDLED WITH
   2.0.2
